PATH
  remote: .
  specs:
    portfolio (0.1.0)

GEM
  remote: https://rubygems.org/
  specs:
    coderay (1.1.2)
    gnuplot (2.6.2)
    method_source (0.8.2)
    pry (0.10.4)
      coderay (~> 1.1.0)
      method_source (~> 0.8.1)
      slop (~> 3.4)
    rake (10.5.0)
    slop (3.6.0)

PLATFORMS
  ruby

DEPENDENCIES
  bundler (~> 1.16)
  gnuplot (~> 2.6.2)
  portfolio!
  pry (~> 0.10.0)
  rake (~> 10.0)

BUNDLED WITH
   1.16.2
